GEM
  remote: https://rubygems.org/
  specs:
    colorize (0.8.1)
    io-console (0.5.6)
    sqlite3 (1.4.2)

PLATFORMS
  x86_64-linux

DEPENDENCIES
  colorize
  io-console
  sqlite3

BUNDLED WITH
   2.2.29
